GEM
  remote: http://rubygems.org/
  specs:
    ansi (1.5.0)
    ast (2.4.2)
    builder (3.2.4)
    docile (1.4.0)
    minitest (5.20.0)
    minitest-reporters (1.6.1)
      ansi
      builder
      minitest (>= 5.0)
      ruby-progressbar
    msgpack (1.7.2)
    nokogiri (1.15.4-x64-mingw32)
      racc (~> 1.4)
    oga (3.4)
      ast
      ruby-ll (~> 2.1)
    parallel (1.23.0)
    racc (1.7.1)
    rake (13.0.6)
    ruby-ll (2.1.3)
      ansi
      ast
    ruby-progressbar (1.13.0)
    rubyzip (2.3.2)
    simplecov (0.22.0)
      docile (~> 1.1)
      simplecov-html (~> 0.11)
      simplecov_json_formatter (~> 0.1)
    simplecov-html (0.12.3)
    simplecov_json_formatter (0.1.4)

PLATFORMS
  x64-mingw32

DEPENDENCIES
  minitest (~> 5.9)
  minitest-reporters
  msgpack
  nokogiri (~> 1.10)
  oga
  parallel
  rake
  rubyzip
  simplecov
  simplecov-html

BUNDLED WITH
   2.1.4
